PATH
  remote: .
  specs:
    allure-cucumber (2.10.0.beta1)
      allure_ruby_commons (~> 2.10.0.beta1)
      cucumber (~> 3.1)

GEM
  remote: https://rubygems.org/
  specs:
    allure_ruby_commons (2.10.0.beta1)
      json (~> 2.2)
      require_all (~> 2.0)
      uuid (~> 2.3.9)
    ast (2.4.0)
    backport (1.0.0)
    backports (3.13.0)
    builder (3.2.3)
    coderay (1.1.2)
    cucumber (3.1.2)
      builder (>= 2.1.2)
      cucumber-core (~> 3.2.0)
      cucumber-expressions (~> 6.0.1)
      cucumber-wire (~> 0.0.1)
      diff-lcs (~> 1.3)
      gherkin (~> 5.1.0)
      multi_json (>= 1.7.5, < 2.0)
      multi_test (>= 0.1.2)
    cucumber-core (3.2.1)
      backports (>= 3.8.0)
      cucumber-tag_expressions (~> 1.1.0)
      gherkin (~> 5.0)
    cucumber-expressions (6.0.1)
    cucumber-tag_expressions (1.1.1)
    cucumber-wire (0.0.1)
    diff-lcs (1.3)
    gherkin (5.1.0)
    htmlentities (4.3.4)
    jaro_winkler (1.5.2)
    json (2.2.0)
    kramdown (1.17.0)
    macaddr (1.7.1)
      systemu (~> 2.6.2)
    method_source (0.9.2)
    mini_portile2 (2.4.0)
    multi_json (1.13.1)
    multi_test (0.1.2)
    nokogiri (1.10.2)
      mini_portile2 (~> 2.4.0)
    parallel (1.17.0)
    parser (2.6.2.1)
      ast (~> 2.4.0)
    pry (0.12.2)
      coderay (~> 1.1.0)
      method_source (~> 0.9.0)
    psych (3.1.0)
    rainbow (3.0.0)
    require_all (2.0.0)
    reverse_markdown (1.1.0)
      nokogiri
    rubocop (0.67.2)
      jaro_winkler (~> 1.5.1)
      parallel (~> 1.10)
      parser (>= 2.5, != 2.5.1.1)
      psych (>= 3.1.0)
      rainbow (>= 2.2.2, < 4.0)
      ruby-progressbar (~> 1.7)
      unicode-display_width (>= 1.4.0, < 1.6)
    rubocop-performance (1.1.0)
      rubocop (>= 0.67.0)
    ruby-progressbar (1.10.0)
    solargraph (0.32.1)
      backport (~> 1.0)
      bundler (>= 1.17.2)
      htmlentities (~> 4.3, >= 4.3.4)
      jaro_winkler (~> 1.5)
      kramdown (~> 1.16)
      parser (~> 2.3)
      reverse_markdown (~> 1.0, >= 1.0.5)
      rubocop (~> 0.52)
      thor (~> 0.19, >= 0.19.4)
      tilt (~> 2.0)
      yard (~> 0.9)
    systemu (2.6.5)
    thor (0.20.3)
    tilt (2.0.9)
    unicode-display_width (1.5.0)
    uuid (2.3.9)
      macaddr (~> 1.0)
    yard (0.9.19)

PLATFORMS
  ruby

DEPENDENCIES
  allure-cucumber!
  bundler (~> 2.0)
  pry (~> 0.12)
  rubocop (~> 0.67)
  rubocop-performance (~> 1.1)
  solargraph (~> 0.32)

BUNDLED WITH
   2.0.1
